GEM
  remote: https://rubygems.org/
  specs:
    ast (2.4.3)
    jaro_winkler (1.5.6)
    parallel (1.27.0)
    parser (3.3.9.0)
      ast (~> 2.4.1)
      racc
    racc (1.8.1)
    rainbow (3.1.1)
    rubocop (0.68.1)
      jaro_winkler (~> 1.5.1)
      parallel (~> 1.10)
      parser (>= 2.5, != 2.5.1.1)
      rainbow (>= 2.2.2, < 4.0)
      ruby-progressbar (~> 1.7)
      unicode-display_width (>= 1.4.0, < 1.6)
    rubocop-performance (1.2.0)
      rubocop (>= 0.68.0)
    ruby-progressbar (1.13.0)
    unicode-display_width (1.5.0)

PLATFORMS
  ruby

DEPENDENCIES
  rubocop (= 0.68.1)
  rubocop-performance (= 1.2)

RUBY VERSION
   ruby 2.7.2p137

BUNDLED WITH
   2.1.4
