GEM
  remote: https://rubygems.org/
  specs:
    ast (2.4.2)
    astrolabe (1.3.1)
      parser (~> 2.2)
    parser (2.7.2.0)
      ast (~> 2.4.1)
    powerpack (0.1.3)
    rainbow (2.2.2)
      rake
    rake (13.2.1)
    rubocop (0.34.2)
      astrolabe (~> 1.3)
      parser (>= 2.2.2.5, < 3.0)
      powerpack (~> 0.1)
      rainbow (>= 1.99.1, < 3.0)
      ruby-progressbar (~> 1.4)
    ruby-progressbar (1.13.0)

PLATFORMS
  ruby

DEPENDENCIES
  rubocop (= 0.34.2)

RUBY VERSION
   ruby 2.7.2p137

BUNDLED WITH
   2.1.4
